GEM
  remote: https://rubygems.org/
  specs:
    actioncable (5.0.1)
      actionpack (= 5.0.1)
      nio4r (~> 1.2)
      websocket-driver (~> 0.6.1)
    actionmailer (5.0.1)
      actionpack (= 5.0.1)
      actionview (= 5.0.1)
      activejob (= 5.0.1)
      mail (~> 2.5, >= 2.5.4)
      rails-dom-testing (~> 2.0)
    actionpack (5.0.1)
      actionview (= 5.0.1)
      activesupport (= 5.0.1)
      rack (~> 2.0)
      rack-test (~> 0.6.3)
      rails-dom-testing (~> 2.0)
      rails-html-sanitizer (~> 1.0, >= 1.0.2)
    actionview (5.0.1)
      activesupport (= 5.0.1)
      builder (~> 3.1)
      erubis (~> 2.7.0)
      rails-dom-testing (~> 2.0)
      rails-html-sanitizer (~> 1.0, >= 1.0.2)
    activejob (5.0.1)
      activesupport (= 5.0.1)
      globalid (>= 0.3.6)
    activemodel (5.0.1)
      activesupport (= 5.0.1)
    activerecord (5.0.1)
      activemodel (= 5.0.1)
      activesupport (= 5.0.1)
      arel (~> 7.0)
    activesupport (5.0.1)
      concurrent-ruby (~> 1.0, >= 1.0.2)
      i18n (~> 0.7)
      minitest (~> 5.1)
      tzinfo (~> 1.1)
    addressable (2.5.0)
      public_suffix (~> 2.0, >= 2.0.2)
    arel (7.1.4)
    bcrypt (3.1.11)
    bcrypt-ruby (3.1.5)
      bcrypt (>= 3.1.3)
    bson (4.2.1)
    builder (3.2.3)
    byebug (9.0.6)
    concurrent-ruby (1.0.4)
    declarative (0.0.9)
    declarative-option (0.1.0)
    erubis (2.7.0)
    faraday (0.11.0)
      multipart-post (>= 1.2, < 3)
    ffi (1.9.17)
    globalid (0.3.7)
      activesupport (>= 4.1.0)
    google-api-client (0.10.0)
      addressable (~> 2.3)
      googleauth (~> 0.5)
      httpclient (~> 2.7)
      hurley (~> 0.1)
      memoist (~> 0.11)
      mime-types (>= 1.6)
      representable (~> 3.0)
      retriable (>= 2.0, < 4.0)
    googleauth (0.5.1)
      faraday (~> 0.9)
      jwt (~> 1.4)
      logging (~> 2.0)
      memoist (~> 0.12)
      multi_json (~> 1.11)
      os (~> 0.9)
      signet (~> 0.7)
    httpauth (0.2.1)
    httpclient (2.8.3)
    hurley (0.2)
    i18n (0.8.0)
    jwt (1.5.6)
    listen (3.0.8)
      rb-fsevent (~> 0.9, >= 0.9.4)
      rb-inotify (~> 0.9, >= 0.9.7)
    little-plugger (1.1.4)
    logging (2.1.0)
      little-plugger (~> 1.1)
      multi_json (~> 1.10)
    loofah (2.0.3)
      nokogiri (>= 1.5.9)
    mail (2.6.4)
      mime-types (>= 1.16, < 4)
    memoist (0.15.0)
    method_source (0.8.2)
    mime-types (3.1)
      mime-types-data (~> 3.2015)
    mime-types-data (3.2016.0521)
    mini_portile2 (2.1.0)
    minitest (5.10.1)
    mongo (2.4.1)
      bson (>= 4.2.1, < 5.0.0)
    mongoid (6.0.3)
      activemodel (~> 5.0)
      mongo (~> 2.3)
    multi_json (1.12.1)
    multipart-post (2.0.0)
    nio4r (1.2.1)
    nokogiri (1.7.0.1)
      mini_portile2 (~> 2.1.0)
    oauth2 (0.6.1)
      faraday (~> 0.7)
      httpauth (~> 0.1)
      multi_json (~> 1.3)
    oauth2-client (2.0.0)
      addressable (~> 2.3)
      bcrypt-ruby (~> 3.0)
    os (0.9.6)
    public_suffix (2.0.5)
    puma (3.7.0)
    rack (2.0.1)
    rack-test (0.6.3)
      rack (>= 1.0)
    rails (5.0.1)
      actioncable (= 5.0.1)
      actionmailer (= 5.0.1)
      actionpack (= 5.0.1)
      actionview (= 5.0.1)
      activejob (= 5.0.1)
      activemodel (= 5.0.1)
      activerecord (= 5.0.1)
      activesupport (= 5.0.1)
      bundler (>= 1.3.0, < 2.0)
      railties (= 5.0.1)
      sprockets-rails (>= 2.0.0)
    rails-dom-testing (2.0.2)
      activesupport (>= 4.2.0, < 6.0)
      nokogiri (~> 1.6)
    rails-html-sanitizer (1.0.3)
      loofah (~> 2.0)
    railties (5.0.1)
      actionpack (= 5.0.1)
      activesupport (= 5.0.1)
      method_source
      rake (>= 0.8.7)
      thor (>= 0.18.1, < 2.0)
    rake (12.0.0)
    rb-fsevent (0.9.8)
    rb-inotify (0.9.8)
      ffi (>= 0.5.0)
    representable (3.0.3)
      declarative (< 0.1.0)
      declarative-option (< 0.2.0)
      uber (< 0.2.0)
    retriable (3.0.0)
    signet (0.7.3)
      addressable (~> 2.3)
      faraday (~> 0.9)
      jwt (~> 1.5)
      multi_json (~> 1.10)
    spring (2.0.1)
      activesupport (>= 4.2)
    spring-watcher-listen (2.0.1)
      listen (>= 2.7, < 4.0)
      spring (>= 1.2, < 3.0)
    sprockets (3.7.1)
      concurrent-ruby (~> 1.0)
      rack (> 1, < 3)
    sprockets-rails (3.2.0)
      actionpack (>= 4.0)
      activesupport (>= 4.0)
      sprockets (>= 3.0.0)
    thor (0.19.4)
    thread_safe (0.3.5)
    tzinfo (1.2.2)
      thread_safe (~> 0.1)
    uber (0.1.0)
    websocket-driver (0.6.5)
      websocket-extensions (>= 0.1.0)
    websocket-extensions (0.1.2)

PLATFORMS
  ruby

DEPENDENCIES
  byebug
  google-api-client
  listen (~> 3.0.5)
  mongoid (~> 6.0.0)
  oauth2
  oauth2-client
  puma (~> 3.0)
  rails (~> 5.0.1)
  spring
  spring-watcher-listen (~> 2.0.0)
  tzinfo-data

RUBY VERSION
   ruby 2.4.0p0

BUNDLED WITH
   1.14.4
